GEM
  remote: https://rubygems.org/
  specs:
    connection_pool (2.2.5)
    rack (2.2.3)
    redis (4.4.0)
    sidekiq (6.2.2)
      connection_pool (>= 2.2.2)
      rack (~> 2.0)
      redis (>= 4.2.0)
    sidekiq-prometheus-exporter (0.1.13)
      sidekiq (>= 3.3.1)

PLATFORMS
  ruby

DEPENDENCIES
  rack
  sidekiq-prometheus-exporter (~> 0.1.13)

RUBY VERSION
   ruby 2.6.1p33

BUNDLED WITH
   1.17.3
