GEM
  remote: https://rubygems.org/
  specs:
    connection_pool (2.2.2)
    rack (2.2.3)
    rack-protection (2.0.8.1)
      rack
    redis (4.1.3)
    sidekiq (6.0.5)
      connection_pool (>= 2.2.2)
      rack (~> 2.0)
      rack-protection (>= 2.0.0)
      redis (>= 4.1.0)
    sidekiq-prometheus-exporter (0.1.13)
      sidekiq (>= 3.3.1)

PLATFORMS
  ruby

DEPENDENCIES
  rack
  sidekiq-prometheus-exporter (~> 0.1.13)

RUBY VERSION
   ruby 2.6.9

BUNDLED WITH
   1.17.3
